PATH
  remote: .
  specs:
    sprockets-dotjs (1.0.0)
      sprockets
      therubyracer

GEM
  remote: http://rubygems.org/
  specs:
    hike (1.2.1)
    libv8 (3.3.10.4)
    rack (1.4.1)
    sprockets (2.1.3)
      hike (~> 1.2)
      rack (~> 1.0)
      tilt (~> 1.1, != 1.3.0)
    therubyracer (0.10.2)
      libv8 (~> 3.3.10)
    tilt (1.3.3)

PLATFORMS
  ruby

DEPENDENCIES
  sprockets-dotjs!
