PATH
  remote: .
  specs:
    sprockets-dotjs (1.0.0)

GEM
  remote: http://rubygems.org/
  specs:
    hike (1.2.1)
    libv8 (3.11.8.4)
    multi_json (1.5.0)
    rack (1.4.1)
    ref (1.0.2)
    sprockets (2.8.2)
      hike (~> 1.2)
      multi_json (~> 1.0)
      rack (~> 1.0)
      tilt (~> 1.1, != 1.3.0)
    therubyracer (0.11.0)
      ref
    tilt (1.3.3)

PLATFORMS
  ruby

DEPENDENCIES
  libv8
  sprockets
  sprockets-dotjs!
  therubyracer
